GEM
  remote: http://rubygems.org/
  specs:
    facter (1.6.4)
    jruby-jars (1.6.5)
    jruby-rack (1.1.1)
    json (1.6.4-java)
    logger (1.2.8)
    rake (0.8.7)
    rubyzip (0.9.5)
    warbler (1.3.2)
      jruby-jars (>= 1.4.0)
      jruby-rack (>= 1.0.0)
      rake (>= 0.8.7)
      rubyzip (>= 0.9.4)

PLATFORMS
  java

DEPENDENCIES
  facter
  json
  logger
  warbler
