GEM
  remote: http://rubygems.org/
  specs:
    facter (1.6.16)
    jruby-jars (1.7.1)
    jruby-rack (1.1.12)
    json (1.7.5-java)
    logger (1.2.8)
    rake (10.0.3)
    rubyzip (0.9.9)
    warbler (1.3.6)
      jruby-jars (>= 1.4.0)
      jruby-rack (>= 1.0.0)
      rake (>= 0.8.7)
      rubyzip (>= 0.9.4)

PLATFORMS
  java

DEPENDENCIES
  facter
  json
  logger
  warbler
